PATH
  remote: .
  specs:
    spoonerize (0.0.7)

GEM
  remote: https://rubygems.org/
  specs:
    power_assert (2.0.0)
    rake (13.0.3)
    test-unit (3.4.1)
      power_assert

PLATFORMS
  x86_64-darwin-20

DEPENDENCIES
  rake (~> 13.0, >= 13.0.1)
  spoonerize!
  test-unit (~> 3.3, >= 3.3.5)

BUNDLED WITH
   2.2.16
